GIT
  remote: git://github.com/refinery/refinerycms-portfolio.git
  revision: 5c528cfe2ebff8cae4b018c70b74dcc9e6674ac6
  branch: 2-0-stable
  specs:
    refinerycms-portfolio (2.0.0)
      awesome_nested_set (~> 2.1.0)
      refinerycms-core (~> 2.0.0)

GIT
  remote: git://github.com/refinery/refinerycms-search.git
  revision: 3b7a2fc5eefae004ed485eb40ab13c97baa5d397
  branch: 2-0-stable
  specs:
    refinerycms-search (2.0.0)
      refinerycms-core (~> 2.0.4)

GIT
  remote: git://github.com/resolve/refinerycms-blog.git
  revision: 7eaa7cf7e44c0affa307dd947c29aacb3e61a33b
  branch: 2-0-stable
  specs:
    refinerycms-blog (2.0.4)
      acts-as-taggable-on
      filters_spam (~> 0.2)
      rails_autolink
      refinerycms-core (~> 2.0.3)
      refinerycms-settings (~> 2.0.1)
      seo_meta (~> 1.3.0)

GEM
  remote: https://rubygems.org/
  specs:
    actionmailer (3.2.20)
      actionpack (= 3.2.20)
      mail (~> 2.5.4)
    actionpack (3.2.20)
      activemodel (= 3.2.20)
      activesupport (= 3.2.20)
      builder (~> 3.0.0)
      erubis (~> 2.7.0)
      journey (~> 1.0.4)
      rack (~> 1.4.5)
      rack-cache (~> 1.2)
      rack-test (~> 0.6.1)
      sprockets (~> 2.2.1)
    activemodel (3.2.20)
      activesupport (= 3.2.20)
      builder (~> 3.0.0)
    activerecord (3.2.20)
      activemodel (= 3.2.20)
      activesupport (= 3.2.20)
      arel (~> 3.0.2)
      tzinfo (~> 0.3.29)
    activeresource (3.2.20)
      activemodel (= 3.2.20)
      activesupport (= 3.2.20)
    activesupport (3.2.20)
      i18n (~> 0.6, >= 0.6.4)
      multi_json (~> 1.0)
    acts-as-taggable-on (2.4.1)
      rails (>= 3, < 5)
    acts_as_indexed (0.7.8)
    arel (3.0.3)
    awesome_nested_set (2.1.6)
      activerecord (>= 3.0.0)
    babosa (0.3.11)
    bcrypt (3.1.10)
    bcrypt-ruby (3.1.5)
      bcrypt (>= 3.1.3)
    builder (3.0.4)
    capistrano (2.15.6)
      highline
      net-scp (>= 1.0.0)
      net-sftp (>= 2.0.0)
      net-ssh (>= 2.0.14)
      net-ssh-gateway (>= 1.1.0)
    capo (0.9.4)
      capistrano (~> 2.6)
      git (>= 1.2.6)
    coffee-rails (3.2.2)
      coffee-script (>= 2.2.0)
      railties (~> 3.2.0)
    coffee-script (2.4.1)
      coffee-script-source
      execjs
    coffee-script-source (1.9.1.1)
    commonjs (0.2.6)
    curb (0.8.8)
    daemons (1.2.3)
    devise (2.0.6)
      bcrypt-ruby (~> 3.0)
      orm_adapter (~> 0.0.3)
      railties (~> 3.1)
      warden (~> 1.1.1)
    dragonfly (0.9.15)
      multi_json (~> 1.0)
      rack
    erubis (2.7.0)
    execjs (2.6.0)
    feedzirra (0.2.0.rc2)
      curb (~> 0.8.0)
      gorillib (~> 0.1.9)
      loofah (~> 1.2.1)
      nokogiri (~> 1.5.3)
      sax-machine (~> 0.2.0.rc1)
    filters_spam (0.5)
    friendly_id (4.0.10.1)
      activerecord (>= 3.0, < 4.0)
    git (1.2.9.1)
    globalize3 (0.3.1)
      activemodel (>= 3.0.0)
      activerecord (>= 3.0.0)
      paper_trail (~> 2)
    gmaps4rails (2.1.2)
    gorillib (0.1.11)
      json
    highline (1.7.8)
    hike (1.2.3)
    i18n (0.7.0)
    journey (1.0.4)
    jquery-rails (2.0.3)
      railties (>= 3.1.0, < 5.0)
      thor (~> 0.14)
    json (1.8.3)
    less (2.3.3)
      commonjs (~> 0.2.6)
    less-rails (2.3.3)
      actionpack (>= 3.1)
      less (~> 2.3.1)
    libv8 (3.16.14.13)
    loofah (1.2.1)
      nokogiri (>= 1.4.4)
    mail (2.5.4)
      mime-types (~> 1.16)
      treetop (~> 1.4.8)
    mime-types (1.25.1)
    multi_json (1.11.2)
    mysql2 (0.3.20)
    net-scp (1.2.1)
      net-ssh (>= 2.6.5)
    net-sftp (2.1.2)
      net-ssh (>= 2.6.5)
    net-ssh (2.6.8)
    net-ssh-gateway (1.2.0)
      net-ssh (>= 2.6.5)
    nokogiri (1.5.11)
    orm_adapter (0.0.7)
    paper_trail (2.7.2)
      activerecord (~> 3.0)
      railties (~> 3.0)
    polyglot (0.3.5)
    rack (1.4.7)
    rack-cache (1.5.1)
      rack (>= 0.4)
    rack-ssl (1.3.4)
      rack
    rack-test (0.6.3)
      rack (>= 1.0)
    rails (3.2.20)
      actionmailer (= 3.2.20)
      actionpack (= 3.2.20)
      activerecord (= 3.2.20)
      activeresource (= 3.2.20)
      activesupport (= 3.2.20)
      bundler (~> 1.0)
      railties (= 3.2.20)
    rails_autolink (1.1.6)
      rails (> 3.1)
    railties (3.2.20)
      actionpack (= 3.2.20)
      activesupport (= 3.2.20)
      rack-ssl (~> 1.3.2)
      rake (>= 0.8.7)
      rdoc (~> 3.4)
      thor (>= 0.14.6, < 2.0)
    rake (10.4.2)
    rdoc (3.12.2)
      json (~> 1.4)
    ref (2.0.0)
    refinerycms (2.0.10)
      bundler (~> 1.0)
      refinerycms-authentication (= 2.0.10)
      refinerycms-core (= 2.0.10)
      refinerycms-dashboard (= 2.0.10)
      refinerycms-images (= 2.0.10)
      refinerycms-pages (= 2.0.10)
      refinerycms-resources (= 2.0.10)
    refinerycms-authentication (2.0.10)
      devise (~> 2.0.5)
      orm_adapter (~> 0.0.7)
      refinerycms-core (= 2.0.10)
    refinerycms-core (2.0.10)
      acts_as_indexed (~> 0.7.7)
      awesome_nested_set (~> 2.1.3)
      coffee-rails (~> 3.2.1)
      friendly_id (~> 4.0.9)
      globalize3 (~> 0.3.0)
      jquery-rails (~> 2.0.0)
      rails (>= 3.1.11, < 3.3, != 3.2.9, != 3.2.8, != 3.2.7, != 3.2.6, != 3.2.5, != 3.2.4, != 3.2.3, != 3.2.2, != 3.2.11, != 3.2.10, != 3.2.1, != 3.2.0)
      sass-rails (~> 3.2.3)
      truncate_html (~> 0.5.5)
      uglifier (>= 1.0.3)
      will_paginate (~> 3.0.2)
    refinerycms-dashboard (2.0.10)
      refinerycms-core (= 2.0.10)
    refinerycms-i18n (2.0.2)
      refinerycms-core (~> 2.0.0)
      routing-filter (>= 0.2.3)
    refinerycms-images (2.0.10)
      dragonfly (~> 0.9.8)
      rack-cache (>= 0.5.3)
      refinerycms-core (= 2.0.10)
    refinerycms-inquiries (2.0.3)
      filters_spam (~> 0.2)
      refinerycms-core (~> 2.0.1)
      refinerycms-settings (~> 2.0.1)
    refinerycms-news (2.0.1)
      friendly_id (~> 4.0.1)
      refinerycms-core (~> 2.0.1)
      refinerycms-settings (~> 2.0.0)
    refinerycms-page-images (2.0.1)
      refinerycms-pages (~> 2.0.0)
    refinerycms-pages (2.0.10)
      awesome_nested_set (~> 2.1.3)
      babosa (!= 0.3.6)
      refinerycms-core (= 2.0.10)
      seo_meta (~> 1.3.0)
    refinerycms-resources (2.0.10)
      dragonfly (~> 0.9.8)
      rack-cache (>= 0.5.3)
      refinerycms-core (= 2.0.10)
    refinerycms-settings (2.0.3)
      acts_as_indexed (~> 0.7.7)
      refinerycms-core (~> 2.0.10)
    routing-filter (0.4.0.1)
      actionpack (< 4.2)
    russian (0.6.0)
      i18n (>= 0.5.0)
    sass (3.4.19)
    sass-rails (3.2.6)
      railties (~> 3.2.0)
      sass (>= 3.1.10)
      tilt (~> 1.3)
    sax-machine (0.2.0.rc1)
      nokogiri (~> 1.5.2)
    seo_meta (1.3.0)
      railties (>= 3.0.0)
    simple_form (2.1.3)
      actionpack (~> 3.0)
      activemodel (~> 3.0)
    sprockets (2.2.3)
      hike (~> 1.2)
      multi_json (~> 1.0)
      rack (~> 1.0)
      tilt (~> 1.1, != 1.3.0)
    stringex (2.5.2)
    therubyracer (0.12.2)
      libv8 (~> 3.16.14.0)
      ref
    thor (0.19.1)
    tilt (1.4.1)
    treetop (1.4.15)
      polyglot
      polyglot (>= 0.3.1)
    truncate_html (0.5.5)
    twitter-bootstrap-rails (2.2.7)
      actionpack (>= 3.1)
      execjs
      rails (>= 3.1)
      railties (>= 3.1)
    tzinfo (0.3.45)
    uglifier (1.2.3)
      execjs (>= 0.3.0)
      multi_json (>= 1.0.2)
    warden (1.1.1)
      rack (>= 1.0)
    will_paginate (3.0.7)

PLATFORMS
  ruby

DEPENDENCIES
  acts-as-taggable-on (= 2.4.1)
  acts_as_indexed
  babosa (~> 0.3.11)
  capistrano (~> 2.15.6)
  capo
  coffee-rails (~> 3.2.2)
  commonjs (= 0.2.6)
  daemons (~> 1.2, >= 1.2.3)
  feedzirra (= 0.2.0.rc2)
  gmaps4rails (~> 2.1, >= 2.1.2)
  jquery-rails
  less-rails (= 2.3.3)
  mysql2 (~> 0.3.20)
  net-ssh (= 2.6.8)
  rails (= 3.2.20)
  refinerycms (~> 2.0.10)
  refinerycms-blog!
  refinerycms-i18n (~> 2.0.2)
  refinerycms-inquiries (~> 2.0.3)
  refinerycms-news (~> 2.0.1)
  refinerycms-page-images (~> 2.0.1)
  refinerycms-portfolio!
  refinerycms-search (~> 2.0.0)!
  russian (~> 0.6.0)
  sass-rails (~> 3.2.5)
  simple_form
  stringex (~> 2.5, >= 2.5.2)
  therubyracer
  twitter-bootstrap-rails (= 2.2.7)
  uglifier (= 1.2.3)
